GEM
  remote: https://rubygems.org/
  specs:
    colorize (0.8.1)
    dir (0.1.2)
    ethon (0.9.1)
      ffi (>= 1.3.0)
    ffi (1.9.14)
    mini_portile2 (2.1.0)
    nokogiri (1.6.8.1)
      mini_portile2 (~> 2.1.0)
    ruby-progressbar (1.8.1)
    terminal-table (1.7.3)
      unicode-display_width (~> 1.1.1)
    typhoeus (1.1.0)
      ethon (>= 0.9.0)
    unicode-display_width (1.1.1)

PLATFORMS
  ruby

DEPENDENCIES
  colorize
  dir
  nokogiri
  ruby-progressbar
  terminal-table
  typhoeus

BUNDLED WITH
   1.13.2
